GEM
  remote: https://rubygems.org/
  specs:
    haml (5.1.1)
      temple (>= 0.8.0)
      tilt
    mustermann (1.0.3)
    puma (3.12.1)
    rack (2.0.7)
    rack-protection (2.0.2)
      rack
    sinatra (2.0.2)
      mustermann (~> 1.0)
      rack (~> 2.0)
      rack-protection (= 2.0.2)
      tilt (~> 2.0)
    temple (0.8.1)
    tilt (2.0.9)

PLATFORMS
  ruby

DEPENDENCIES
  haml
  puma
  sinatra

RUBY VERSION
   ruby 2.4.1p111

BUNDLED WITH
   1.16.1
