GEM
  remote: https://rubygems.org/
  specs:
    haml (5.2.2)
      temple (>= 0.8.0)
      tilt
    mustermann (2.0.2)
      ruby2_keywords (~> 0.0.1)
    nio4r (2.5.9)
    puma (5.6.7)
      nio4r (~> 2.0)
    rack (2.2.6.4)
    rack-protection (2.2.3)
      rack
    ruby2_keywords (0.0.5)
    sinatra (2.2.3)
      mustermann (~> 2.0)
      rack (~> 2.2)
      rack-protection (= 2.2.3)
      tilt (~> 2.0)
    temple (0.8.2)
    tilt (2.1.0)

PLATFORMS
  ruby

DEPENDENCIES
  haml
  puma
  sinatra

RUBY VERSION
   ruby 2.4.1p111

BUNDLED WITH
   1.16.1
